GIT
  remote: git://github.com/rails/arel.git
  revision: e6285641b11e0dd060b6d8880a5be1c369b89658
  branch: 4-0-stable
  specs:
    arel (4.0.2.20140205180311)

GIT
  remote: git://github.com/swanson/loofah.git
  revision: 825d715e6f1281501882d886cf34e82aebabb356
  specs:
    loofah (1.2.1.20130718080038)
      nokogiri (>= 1.5.9)

GEM
  remote: https://rubygems.org/
  specs:
    activemodel (4.0.4)
      activesupport (= 4.0.4)
      builder (~> 3.1.0)
    activerecord (4.0.4)
      activemodel (= 4.0.4)
      activerecord-deprecated_finders (~> 1.0.2)
      activesupport (= 4.0.4)
      arel (~> 4.0.0)
    activerecord-deprecated_finders (1.0.3)
    activesupport (4.0.4)
      i18n (~> 0.6, >= 0.6.9)
      minitest (~> 4.2)
      multi_json (~> 1.3)
      thread_safe (~> 0.1)
      tzinfo (~> 0.3.37)
    backports (3.6.0)
    bcrypt (3.1.7)
    bcrypt-ruby (3.1.5)
      bcrypt (>= 3.1.3)
    builder (3.1.4)
    byebug (2.7.0)
      columnize (~> 0.3)
      debugger-linecache (~> 1.2)
    coderay (1.1.0)
    columnize (0.8.9)
    coveralls (0.7.0)
      multi_json (~> 1.3)
      rest-client
      simplecov (>= 0.7)
      term-ansicolor
      thor
    curb (0.8.5)
    debugger-linecache (1.2.0)
    delayed_job (4.0.1)
      activesupport (>= 3.0, < 4.2)
    delayed_job_active_record (4.0.1)
      activerecord (>= 3.0, < 4.2)
      delayed_job (>= 3.0, < 4.1)
    diff-lcs (1.2.5)
    docile (1.1.3)
    dotenv (0.11.1)
      dotenv-deployment (~> 0.0.2)
    dotenv-deployment (0.0.2)
    excon (0.31.0)
    faker (1.3.0)
      i18n (~> 0.5)
    feedbag (0.9.2)
      hpricot (>= 0.6)
    feedjira (1.2.0)
      curb (~> 0.8.1)
      loofah (~> 1.2.1)
      sax-machine (~> 0.2.1)
    foreman (0.63.0)
      dotenv (>= 0.7)
      thor (>= 0.13.6)
    formatador (0.2.4)
    highline (1.6.21)
    hpricot (0.8.6)
    i18n (0.6.9)
    jsmin (1.0.1)
    method_source (0.8.2)
    mime-types (2.2)
    mini_portile (0.5.3)
    minitest (4.7.5)
    multi_json (1.9.3)
    netrc (0.7.7)
    nokogiri (1.6.1)
      mini_portile (~> 0.5.0)
    pg (0.17.1)
    pry (0.9.12.6)
      coderay (~> 1.0)
      method_source (~> 0.8)
      slop (~> 3.4)
    pry-byebug (1.3.2)
      byebug (~> 2.7)
      pry (~> 0.9.12)
    puma (2.8.2)
      rack (>= 1.1, < 2.0)
    rack (1.5.2)
    rack-protection (1.5.3)
      rack
    rack-test (0.6.2)
      rack (>= 1.0)
    racksh (1.0.0)
      rack (>= 1.0)
      rack-test (>= 0.5)
    rake (10.3.1)
    rendezvous (0.0.2)
    rest-client (1.6.7)
      mime-types (>= 1.16)
    rspec (2.14.1)
      rspec-core (~> 2.14.0)
      rspec-expectations (~> 2.14.0)
      rspec-mocks (~> 2.14.0)
    rspec-core (2.14.8)
    rspec-expectations (2.14.5)
      diff-lcs (>= 1.1.3, < 2.0)
    rspec-html-matchers (0.4.4)
      nokogiri (~> 1)
      rspec (~> 2, >= 2.11.0)
    rspec-mocks (2.14.6)
    sax-machine (0.2.1)
      nokogiri (~> 1.6.0)
    shotgun (0.9)
      rack (>= 1.0)
    simplecov (0.8.2)
      docile (~> 1.1.0)
      multi_json
      simplecov-html (~> 0.8.0)
    simplecov-html (0.8.0)
    sinatra (1.4.5)
      rack (~> 1.4)
      rack-protection (~> 1.4)
      tilt (~> 1.3, >= 1.3.4)
    sinatra-activerecord (1.7.0)
      activerecord (>= 3.0)
      sinatra (~> 1.0)
    sinatra-assetpack (0.3.3)
      jsmin
      rack-test
      sinatra
      tilt (>= 1.3.0, < 2.0)
    sinatra-contrib (1.4.2)
      backports (>= 2.0)
      multi_json
      rack-protection
      rack-test
      sinatra (~> 1.4.0)
      tilt (~> 1.3)
    sinatra-flash (0.3.0)
      sinatra (>= 1.0.0)
    slop (3.5.0)
    sqlite3 (1.3.9)
    term-ansicolor (1.3.0)
      tins (~> 1.0)
    thor (0.19.1)
    thread (0.1.4)
    thread_safe (0.3.3)
    tilt (1.4.1)
    tins (1.1.0)
    tzinfo (0.3.39)
    will_paginate (3.0.5)

PLATFORMS
  ruby

DEPENDENCIES
  activerecord (~> 4.0)
  arel!
  bcrypt-ruby (~> 3.1.2)
  coveralls (~> 0.7)
  delayed_job (~> 4.0)
  delayed_job_active_record (~> 4.0)
  excon (~> 0.31.0)
  faker (~> 1.2)
  feedbag (~> 0.9.2)
  feedjira (~> 1.2.0)
  foreman (~> 0.63.0)
  formatador (~> 0.2.4)
  highline (~> 1.6, >= 1.6.20)
  i18n (~> 0.6.9)
  loofah!
  netrc (~> 0.7.7)
  nokogiri (~> 1.6)
  pg (~> 0.17.1)
  pry-byebug (~> 1.2)
  puma (~> 2.7, >= 2.7.1)
  rack-test (~> 0.6.2)
  racksh (~> 1.0)
  rake (~> 10.1, >= 10.1.1)
  rendezvous (~> 0.0.2)
  rspec (~> 2.14, >= 2.14.1)
  rspec-html-matchers (~> 0.4.3)
  shotgun (~> 0.9.0)
  sinatra (~> 1.4, >= 1.4.4)
  sinatra-activerecord (~> 1.2, >= 1.2.3)
  sinatra-assetpack (~> 0.3.1)
  sinatra-contrib (>= 1.4.2)
  sinatra-flash (~> 0.3.0)
  sqlite3 (~> 1.3, >= 1.3.8)
  thread (~> 0.1.3)
  will_paginate (~> 3.0, >= 3.0.5)
